GEM
  remote: http://rubygems.org/
  specs:
    diff-lcs (1.1.3)
    facter (1.6.12)
    json (1.7.5)
    librarian-puppet (0.9.7)
      json
      puppet
      thor (~> 0.15)
    puppet (2.7.19)
      facter (~> 1.5)
    puppet-lint (0.1.13)
    rake (0.9.2.2)
    rspec (2.11.0)
      rspec-core (~> 2.11.0)
      rspec-expectations (~> 2.11.0)
      rspec-mocks (~> 2.11.0)
    rspec-core (2.11.0)
    rspec-expectations (2.11.1)
      diff-lcs (~> 1.1.3)
    rspec-mocks (2.11.1)
    rspec-puppet (0.1.3)
      rspec
    thor (0.16.0)

PLATFORMS
  ruby

DEPENDENCIES
  librarian-puppet
  puppet (>= 2.7)
  puppet-lint
  rake
  rspec-puppet (>= 0.1.3)
